GIT
  remote: https://github.com/bdurand/lumberjack.git
  revision: 4b197590eab66b794afb968ec44bd68bae567d08
  branch: 1.2.0
  specs:
    lumberjack (1.2.0)

GIT
  remote: https://github.com/bdurand/lumberjack_json_device.git
  revision: 0e730998757f51060c5c49f94394330f3fb58371
  specs:
    lumberjack_json_device (1.0.0)
      lumberjack (>= 1.2)
      multi_json

PATH
  remote: .
  specs:
    lumberjack_data_dog_device (1.0.0)
      lumberjack (>= 1.1)
      multi_json

GEM
  remote: https://rubygems.org/
  specs:
    diff-lcs (1.3)
    multi_json (1.14.1)
    rake (13.0.1)
    rspec (3.9.0)
      rspec-core (~> 3.9.0)
      rspec-expectations (~> 3.9.0)
      rspec-mocks (~> 3.9.0)
    rspec-core (3.9.1)
      rspec-support (~> 3.9.1)
    rspec-expectations (3.9.0)
      diff-lcs (>= 1.2.0, < 2.0)
      rspec-support (~> 3.9.0)
    rspec-mocks (3.9.1)
      diff-lcs (>= 1.2.0, < 2.0)
      rspec-support (~> 3.9.0)
    rspec-support (3.9.2)

PLATFORMS
  ruby

DEPENDENCIES
  lumberjack (~> 1.2.0)!
  lumberjack_data_dog_device!
  lumberjack_json_device!
  rake
  rspec (~> 3.0)

BUNDLED WITH
   2.0.2
